GEM
  remote: https://rubygems.org/
  specs:
    concurrent-ruby (1.1.8)
    nio4r (2.5.4)
    nio4r (2.5.4-java)
    puma (5.2.0)
      nio4r (~> 2.0)
    puma (5.2.0-java)
      nio4r (~> 2.0)
    rack (2.2.3)
    roda (3.40.0)
      rack
    tilt (2.0.10)

PLATFORMS
  universal-java-15
  x86_64-freebsd-12

DEPENDENCIES
  concurrent-ruby (~> 1.1)
  puma (~> 5.2)
  roda (~> 3.40)
  tilt (~> 2.0)

BUNDLED WITH
   2.2.3
